GEM
  remote: https://rubygems.org/
  specs:
    diff-lcs (1.2.4)
    rake (13.0.1)
    rspec (2.13.0)
      rspec-core (~> 2.13.0)
      rspec-expectations (~> 2.13.0)
      rspec-mocks (~> 2.13.0)
    rspec-core (2.13.1)
    rspec-expectations (2.13.0)
      diff-lcs (>= 1.1.3, < 2.0)
    rspec-mocks (2.13.1)
    vimrunner (0.3.0)

PLATFORMS
  ruby

DEPENDENCIES
  rake (>= 12.3.3)
  rspec
  vimrunner

BUNDLED WITH
   1.17.3
